GEM
  remote: https://rubygems.org/
  specs:
    hike (1.2.3)
    jsmin (1.0.1)
    multi_json (1.7.9)
    rack (1.5.2)
    sass (3.2.10)
    sprockets (2.10.0)
      hike (~> 1.2)
      multi_json (~> 1.0)
      rack (~> 1.0)
      tilt (~> 1.1, != 1.3.0)
    tilt (1.4.1)

PLATFORMS
  ruby

DEPENDENCIES
  jsmin
  sass
  sprockets
